GEM
  remote: http://rubygems.org/
  specs:
    libxml-ruby (2.3.3)
    nokogiri (1.5.5)
    ratom (0.7.2)
      libxml-ruby (~> 2.3.2)

PLATFORMS
  ruby

DEPENDENCIES
  nokogiri
  ratom
